GEM
  remote: http://rubygems.org/
  specs:
    addressable (2.3.2)
    collins_client (0.2.9)
      httparty (~> 0.8.3)
    crack (0.3.1)
    diff-lcs (1.1.3)
    escape (0.0.4)
    git (1.2.5)
    httparty (0.8.3)
      multi_json (~> 1.0)
      multi_xml
    jeweler (1.8.4)
      bundler (~> 1.0)
      git (>= 1.2.5)
      rake
      rdoc
    json (1.7.5)
    multi_json (1.3.7)
    multi_xml (0.5.1)
    rake (10.0.2)
    rdoc (3.12)
      json (~> 1.4)
    redcarpet (2.2.2)
    rspec (2.10.0)
      rspec-core (~> 2.10.0)
      rspec-expectations (~> 2.10.0)
      rspec-mocks (~> 2.10.0)
    rspec-core (2.10.1)
    rspec-expectations (2.10.0)
      diff-lcs (~> 1.1.3)
    rspec-mocks (2.10.1)
    simplecov (0.7.1)
      multi_json (~> 1.0)
      simplecov-html (~> 0.7.1)
    simplecov-html (0.7.1)
    webmock (1.9.0)
      addressable (>= 2.2.7)
      crack (>= 0.1.7)
    yard (0.8.3)

PLATFORMS
  ruby

DEPENDENCIES
  bundler (~> 1.2.1)
  collins_client (~> 0.2.9)
  escape (~> 0.0.4)
  jeweler (~> 1.8.4)
  redcarpet
  rspec (~> 2.10.0)
  simplecov
  webmock
  yard (~> 0.8)
